PATH
  remote: .
  specs:
    autocomplete_address_safe (0.1.3)

GEM
  remote: https://rubygems.org/
  specs:
    rake (10.4.2)

PLATFORMS
  ruby

DEPENDENCIES
  autocomplete_address_safe!
  bundler (~> 1.9)
  rake (~> 10.0)
